GEM
  remote: https://rubygems.org/
  specs:
    docile (1.3.2)
    simplecov (0.18.5)
      docile (~> 1.1)
      simplecov-html (~> 0.11)
    simplecov-html (0.12.2)
    spy (1.0.0)

PLATFORMS
  ruby

DEPENDENCIES
  simplecov
  spy

RUBY VERSION
   ruby 2.7.1p83

BUNDLED WITH
   2.1.4
